PATH
  remote: .
  specs:
    truevault (0.0.1)
      httparty (~> 0.11)

GEM
  remote: https://rubygems.org/
  specs:
    addressable (2.3.5)
    ansi (1.4.3)
    crack (0.4.1)
      safe_yaml (~> 0.9.0)
    dotenv (0.11.1)
      dotenv-deployment (~> 0.0.2)
    dotenv-deployment (0.0.2)
    httparty (0.13.1)
      json (~> 1.8)
      multi_xml (>= 0.5.2)
    json (1.8.1)
    multi_xml (0.5.5)
    rake (10.1.0)
    safe_yaml (0.9.7)
    turn (0.9.6)
      ansi
    vcr (2.5.0)
    webmock (1.11.0)
      addressable (>= 2.2.7)
      crack (>= 0.3.2)

PLATFORMS
  ruby

DEPENDENCIES
  bundler (~> 1.6)
  dotenv (~> 0.11)
  rake (~> 10.1)
  truevault!
  turn (~> 0.9)
  vcr (~> 2.5)
  webmock (= 1.11)
